{
	"Modality": "MR",
	"MagneticFieldStrength": 3,
	"ImagingFrequency": 123.252,
	"Manufacturer": "Siemens",
	"ManufacturersModelName": "Skyra",
	"InstitutionName": "Malopolskie_Centrum_Biotechnologii",
	"InstitutionalDepartmentName": "Department",
	"InstitutionAddress": "Gronostajowa_7_Krakow_Malopolska_PL_30-387",
	"DeviceSerialNumber": "45484",
	"StationName": "AWP45484",
	"BodyPartExamined": "BRAIN",
	"PatientPosition": "HFS",
	"ProcedureStepDescription": "PROJECTS_Harmonia",
	"SoftwareVersions": "syngo_MR_D13",
	"MRAcquisitionType": "3D",
	"SeriesDescription": "anat_cz1",
	"ProtocolName": "anat_cz1",
	"ScanningSequence": "GR_IR",
	"SequenceVariant": "SK_SP_MP_OSP",
	"ScanOptions": "IR",
	"SequenceName": "_tfl3d1_16ns",
	"ImageType": ["ORIGINAL", "PRIMARY", "M", "ND", "NORM"],
	"SeriesNumber": 6,
	"AcquisitionTime": "18:26:1.887500",
	"AcquisitionNumber": 1,
	"ImageComments": "3_",
	"SliceThickness": 1.1,
	"SAR": 0.0594953,
	"EchoTime": 0.00298,
	"RepetitionTime": 2.3,
	"InversionTime": 0.9,
	"FlipAngle": 9,
	"PartialFourier": 1,
	"BaseResolution": 256,
	"ShimSetting": [
		6955,
		-13366,
		-6737,
		69,
		355,
		-546,
		242,
		93	],
	"TxRefAmp": 295.853,
	"PhaseResolution": 1,
	"PhaseOversampling": 0.04,
	"ReceiveCoilName": "HeadNeck_64",
	"ReceiveCoilActiveElements": "HC1-7",
	"PulseSequenceDetails": "%SiemensSeq%_tfl",
	"ConsistencyInfo": "N4_VD13A_LATEST_20120616",
	"PercentPhaseFOV": 96.875,
	"PhaseEncodingSteps": 258,
	"AcquisitionMatrixPE": 248,
	"ReconMatrixPE": 256,
	"ParallelReductionFactorInPlane": 2,
	"PixelBandwidth": 240,
	"DwellTime": 8.2e-06,
	"ImageOrientationPatientDICOM": [
		-0.0941083,
		0.995562,
		0,
		0,
		0,
		-1	],
	"InPlanePhaseEncodingDirectionDICOM": "ROW",
	"ConversionSoftware": "dcm2niix",
	"ConversionSoftwareVersion": "v1.0.20181007  (JP2:OpenJPEG) (JP-LS:CharLS) GCC5.4.0"
}
