{
	"Modality": "MR",
	"MagneticFieldStrength": 3,
	"ImagingFrequency": 123.252,
	"Manufacturer": "Siemens",
	"ManufacturersModelName": "Skyra",
	"InstitutionName": "Malopolskie_Centrum_Biotechnologii",
	"InstitutionalDepartmentName": "DEPARTMENT",
	"InstitutionAddress": "Gronostajowa_7_Krakow_Malopolska_PL_30-387",
	"DeviceSerialNumber": "45484",
	"StationName": "AWP45484",
	"BodyPartExamined": "BRAIN",
	"PatientPosition": "HFS",
	"ProcedureStepDescription": "PROJECTS_Harmonia",
	"SoftwareVersions": "syngo_MR_D13",
	"MRAcquisitionType": "3D",
	"SeriesDescription": "anat_cz1",
	"ProtocolName": "anat_cz1",
	"ScanningSequence": "GR_IR",
	"SequenceVariant": "SK_SP_MP",
	"ScanOptions": "IR",
	"SequenceName": "_tfl3d1_16ns",
	"ImageType": ["ORIGINAL", "PRIMARY", "M", "ND", "NORM"],
	"SeriesNumber": 14,
	"AcquisitionTime": "17:56:9.817500",
	"AcquisitionNumber": 1,
	"SliceThickness": 1.1,
	"SAR": 0.0582491,
	"EchoTime": 0.00297,
	"RepetitionTime": 2.3,
	"InversionTime": 0.9,
	"FlipAngle": 9,
	"PartialFourier": 1,
	"BaseResolution": 256,
	"ShimSetting": [
		7023,
		-13392,
		-6762,
		122,
		380,
		-685,
		160,
		17	],
	"TxRefAmp": 300.729,
	"PhaseResolution": 1,
	"ReceiveCoilName": "HeadNeck_64",
	"ReceiveCoilActiveElements": "HC1-7",
	"PulseSequenceDetails": "%SiemensSeq%_tfl",
	"ConsistencyInfo": "N4_VD13A_LATEST_20120616",
	"PercentPhaseFOV": 96.875,
	"PhaseEncodingSteps": 247,
	"AcquisitionMatrixPE": 248,
	"ReconMatrixPE": 256,
	"ParallelReductionFactorInPlane": 2,
	"PixelBandwidth": 240,
	"DwellTime": 8.2e-06,
	"ImageOrientationPatientDICOM": [
		-0.0436247,
		0.999048,
		3.89866e-08,
		-0.0156774,
		-0.000684534,
		-0.999877	],
	"InPlanePhaseEncodingDirectionDICOM": "ROW",
	"ConversionSoftware": "dcm2niix",
	"ConversionSoftwareVersion": "v1.0.20181007  (JP2:OpenJPEG) (JP-LS:CharLS) GCC5.4.0"
}
