{
	"Modality": "MR",
	"MagneticFieldStrength": 3,
	"ImagingFrequency": 123.252,
	"Manufacturer": "Siemens",
	"ManufacturersModelName": "Skyra",
	"InstitutionName": "Malopolskie_Centrum_Biotechnologii",
	"InstitutionalDepartmentName": "Department",
	"InstitutionAddress": "Gronostajowa_7_Krakow_Malopolska_PL_30-387",
	"DeviceSerialNumber": "45484",
	"StationName": "AWP45484",
	"BodyPartExamined": "BRAIN",
	"PatientPosition": "HFS",
	"ProcedureStepDescription": "PROJECTS_Harmonia",
	"SoftwareVersions": "syngo_MR_D13",
	"MRAcquisitionType": "3D",
	"SeriesDescription": "anat_cz1",
	"ProtocolName": "anat_cz1",
	"ScanningSequence": "GR_IR",
	"SequenceVariant": "SK_SP_MP",
	"ScanOptions": "IR",
	"SequenceName": "_tfl3d1_16ns",
	"ImageType": ["ORIGINAL", "PRIMARY", "M", "ND", "NORM"],
	"SeriesNumber": 6,
	"AcquisitionTime": "18:59:50.432500",
	"AcquisitionNumber": 1,
	"ImageComments": "S3_",
	"SliceThickness": 1.1,
	"SAR": 0.0554643,
	"EchoTime": 0.00298,
	"RepetitionTime": 2.3,
	"InversionTime": 0.9,
	"FlipAngle": 9,
	"PartialFourier": 1,
	"BaseResolution": 256,
	"ShimSetting": [
		7022,
		-13366,
		-6819,
		96,
		541,
		-571,
		-399,
		172	],
	"TxRefAmp": 293.661,
	"PhaseResolution": 1,
	"ReceiveCoilName": "HeadNeck_64",
	"ReceiveCoilActiveElements": "HC1-7",
	"PulseSequenceDetails": "%SiemensSeq%_tfl",
	"ConsistencyInfo": "N4_VD13A_LATEST_20120616",
	"PercentPhaseFOV": 96.875,
	"PhaseEncodingSteps": 247,
	"AcquisitionMatrixPE": 248,
	"ReconMatrixPE": 256,
	"ParallelReductionFactorInPlane": 2,
	"PixelBandwidth": 240,
	"DwellTime": 8.2e-06,
	"ImageOrientationPatientDICOM": [
		-0.0697565,
		0.997564,
		-3.87186e-08,
		0.0574238,
		0.00401542,
		-0.998342	],
	"InPlanePhaseEncodingDirectionDICOM": "ROW",
	"ConversionSoftware": "dcm2niix",
	"ConversionSoftwareVersion": "v1.0.20181007  (JP2:OpenJPEG) (JP-LS:CharLS) GCC5.4.0"
}
