{
	"Modality": "MR",
	"MagneticFieldStrength": 3,
	"ImagingFrequency": 123.252,
	"Manufacturer": "Siemens",
	"ManufacturersModelName": "Skyra",
	"InstitutionName": "Malopolskie_Centrum_Biotechnologii",
	"InstitutionalDepartmentName": "DEPARTMENT",
	"InstitutionAddress": "Gronostajowa_7_Krakow_Malopolska_PL_30-387",
	"DeviceSerialNumber": "45484",
	"StationName": "AWP45484",
	"BodyPartExamined": "HEAD",
	"PatientPosition": "HFS",
	"ProcedureStepDescription": "PROJECTS_SYMFONIA",
	"SoftwareVersions": "syngo_MR_D13",
	"MRAcquisitionType": "3D",
	"SeriesDescription": "anat",
	"ProtocolName": "anat",
	"ScanningSequence": "GR_IR",
	"SequenceVariant": "SK_SP_MP",
	"ScanOptions": "IR",
	"SequenceName": "_tfl3d1_16ns",
	"ImageType": ["ORIGINAL", "PRIMARY", "M", "ND", "NORM"],
	"SeriesNumber": 10,
	"AcquisitionTime": "20:27:10.595000",
	"AcquisitionNumber": 1,
	"ImageComments": "s3",
	"SliceThickness": 1.1,
	"SAR": 0.0751564,
	"EchoTime": 0.00298,
	"RepetitionTime": 2.3,
	"InversionTime": 0.9,
	"FlipAngle": 9,
	"PartialFourier": 1,
	"BaseResolution": 256,
	"ShimSetting": [
		7011,
		-13448,
		-6689,
		38,
		498,
		-410,
		274,
		-45	],
	"TxRefAmp": 346.132,
	"PhaseResolution": 1,
	"ReceiveCoilName": "HeadNeck_20",
	"ReceiveCoilActiveElements": "HE1-4;NE1,2",
	"CoilString": "HE1-4;NE1_2",
	"PulseSequenceDetails": "%SiemensSeq%_tfl",
	"ConsistencyInfo": "N4_VD13A_LATEST_20120616",
	"PercentPhaseFOV": 96.875,
	"PhaseEncodingSteps": 247,
	"AcquisitionMatrixPE": 248,
	"ReconMatrixPE": 256,
	"ParallelReductionFactorInPlane": 2,
	"PixelBandwidth": 240,
	"DwellTime": 8.2e-06,
	"ImageOrientationPatientDICOM": [
		0,
		1,
		0,
		0,
		0,
		-1	],
	"InPlanePhaseEncodingDirectionDICOM": "ROW",
	"ConversionSoftware": "dcm2niix",
	"ConversionSoftwareVersion": "v1.0.20181007  (JP2:OpenJPEG) (JP-LS:CharLS) GCC5.4.0"
}
